GIT
  remote: https://github.com/myronmarston/rouge.git
  revision: 12c0da6aa98e0d0a0762c47103b64290c88620a1
  ref: 12c0da6aa98e0d0a0762c47103b64290c88620a1
  specs:
    rouge (4.6.0)

PATH
  remote: elasticgraph-admin_lambda
  specs:
    elasticgraph-admin_lambda (1.0.3.pre)
      elasticgraph-admin (= 1.0.3.pre)
      elasticgraph-lambda_support (= 1.0.3.pre)
      rake (~> 13.3)

PATH
  remote: elasticgraph-admin
  specs:
    elasticgraph-admin (1.0.3.pre)
      elasticgraph-datastore_core (= 1.0.3.pre)
      elasticgraph-indexer (= 1.0.3.pre)
      elasticgraph-schema_artifacts (= 1.0.3.pre)
      elasticgraph-support (= 1.0.3.pre)
      rake (~> 13.3)

PATH
  remote: elasticgraph-apollo
  specs:
    elasticgraph-apollo (1.0.3.pre)
      apollo-federation (~> 3.10, >= 3.10.1)
      elasticgraph-graphql (= 1.0.3.pre)
      elasticgraph-support (= 1.0.3.pre)
      graphql (= 2.5.11)

PATH
  remote: elasticgraph-datastore_core
  specs:
    elasticgraph-datastore_core (1.0.3.pre)
      elasticgraph-schema_artifacts (= 1.0.3.pre)
      elasticgraph-support (= 1.0.3.pre)

PATH
  remote: elasticgraph-elasticsearch
  specs:
    elasticgraph-elasticsearch (1.0.3.pre)
      elasticgraph-support (= 1.0.3.pre)
      elasticsearch (~> 9.1, >= 9.1.2)
      faraday (~> 2.13, >= 2.13.4)
      faraday-retry (~> 2.3, >= 2.3.2)

PATH
  remote: elasticgraph-graphiql
  specs:
    elasticgraph-graphiql (1.0.3.pre)
      elasticgraph-rack (= 1.0.3.pre)

PATH
  remote: elasticgraph-graphql_lambda
  specs:
    elasticgraph-graphql_lambda (1.0.3.pre)
      elasticgraph-graphql (= 1.0.3.pre)
      elasticgraph-lambda_support (= 1.0.3.pre)

PATH
  remote: elasticgraph-graphql
  specs:
    elasticgraph-graphql (1.0.3.pre)
      base64 (~> 0.3)
      elasticgraph-datastore_core (= 1.0.3.pre)
      elasticgraph-schema_artifacts (= 1.0.3.pre)
      graphql (= 2.5.11)
      graphql-c_parser (~> 1.1, >= 1.1.3)

PATH
  remote: elasticgraph-health_check
  specs:
    elasticgraph-health_check (1.0.3.pre)
      elasticgraph-datastore_core (= 1.0.3.pre)
      elasticgraph-graphql (= 1.0.3.pre)
      elasticgraph-support (= 1.0.3.pre)

PATH
  remote: elasticgraph-indexer_autoscaler_lambda
  specs:
    elasticgraph-indexer_autoscaler_lambda (1.0.3.pre)
      aws-sdk-cloudwatch (~> 1.121)
      aws-sdk-lambda (~> 1.160)
      aws-sdk-sqs (~> 1.104)
      elasticgraph-datastore_core (= 1.0.3.pre)
      elasticgraph-lambda_support (= 1.0.3.pre)
      ox (~> 2.14, >= 2.14.23)

PATH
  remote: elasticgraph-indexer_lambda
  specs:
    elasticgraph-indexer_lambda (1.0.3.pre)
      aws-sdk-s3 (~> 1.199)
      elasticgraph-indexer (= 1.0.3.pre)
      elasticgraph-lambda_support (= 1.0.3.pre)
      ox (~> 2.14, >= 2.14.23)

PATH
  remote: elasticgraph-indexer
  specs:
    elasticgraph-indexer (1.0.3.pre)
      elasticgraph-datastore_core (= 1.0.3.pre)
      elasticgraph-schema_artifacts (= 1.0.3.pre)
      elasticgraph-support (= 1.0.3.pre)
      hashdiff (~> 1.2, >= 1.2.1)

PATH
  remote: elasticgraph-lambda_support
  specs:
    elasticgraph-lambda_support (1.0.3.pre)
      elasticgraph-opensearch (= 1.0.3.pre)
      faraday_middleware-aws-sigv4 (~> 1.0, >= 1.0.1)

PATH
  remote: elasticgraph-local
  specs:
    elasticgraph-local (1.0.3.pre)
      elasticgraph-admin (= 1.0.3.pre)
      elasticgraph-graphiql (= 1.0.3.pre)
      elasticgraph-graphql (= 1.0.3.pre)
      elasticgraph-indexer (= 1.0.3.pre)
      elasticgraph-schema_definition (= 1.0.3.pre)
      rackup (~> 2.2, >= 2.2.1)
      rake (~> 13.3)
      webrick (~> 1.9, >= 1.9.1)

PATH
  remote: elasticgraph-opensearch
  specs:
    elasticgraph-opensearch (1.0.3.pre)
      elasticgraph-support (= 1.0.3.pre)
      faraday (~> 2.13, >= 2.13.4)
      faraday-retry (~> 2.3, >= 2.3.2)
      opensearch-ruby (~> 3.4)

PATH
  remote: elasticgraph-query_interceptor
  specs:
    elasticgraph-query_interceptor (1.0.3.pre)
      elasticgraph-graphql (= 1.0.3.pre)
      elasticgraph-schema_artifacts (= 1.0.3.pre)

PATH
  remote: elasticgraph-query_registry
  specs:
    elasticgraph-query_registry (1.0.3.pre)
      elasticgraph-graphql (= 1.0.3.pre)
      elasticgraph-support (= 1.0.3.pre)
      graphql (= 2.5.11)
      graphql-c_parser (~> 1.1, >= 1.1.3)
      rake (~> 13.3)

PATH
  remote: elasticgraph-rack
  specs:
    elasticgraph-rack (1.0.3.pre)
      elasticgraph-graphql (= 1.0.3.pre)
      rack (~> 3.2, >= 3.2.2)

PATH
  remote: elasticgraph-schema_artifacts
  specs:
    elasticgraph-schema_artifacts (1.0.3.pre)
      elasticgraph-support (= 1.0.3.pre)

PATH
  remote: elasticgraph-schema_definition
  specs:
    elasticgraph-schema_definition (1.0.3.pre)
      elasticgraph-graphql (= 1.0.3.pre)
      elasticgraph-indexer (= 1.0.3.pre)
      elasticgraph-schema_artifacts (= 1.0.3.pre)
      elasticgraph-support (= 1.0.3.pre)
      graphql (= 2.5.11)
      graphql-c_parser (~> 1.1, >= 1.1.3)
      rake (~> 13.3)

PATH
  remote: elasticgraph-support
  specs:
    elasticgraph-support (1.0.3.pre)
      json_schemer (~> 2.4)
      logger (~> 1.7)

PATH
  remote: elasticgraph-warehouse
  specs:
    elasticgraph-warehouse (1.0.3.pre)
      elasticgraph-schema_definition (= 1.0.3.pre)
      elasticgraph-support (= 1.0.3.pre)

PATH
  remote: elasticgraph
  specs:
    elasticgraph (1.0.3.pre)
      elasticgraph-support (= 1.0.3.pre)
      thor (~> 1.4)

GEM
  remote: https://rubygems.org/
  specs:
    Ascii85 (2.0.1)
    activesupport (8.0.2.1)
      base64
      benchmark (>= 0.3)
      bigdecimal
      concurrent-ruby (~> 1.0, >= 1.3.1)
      connection_pool (>= 2.2.5)
      drb
      i18n (>= 1.6, < 2)
      logger (>= 1.4.2)
      minitest (>= 5.1)
      securerandom (>= 0.3)
      tzinfo (~> 2.0, >= 2.0.5)
      uri (>= 0.13.1)
    addressable (2.8.7)
      public_suffix (>= 2.0.2, < 7.0)
    afm (1.0.0)
    ansi (1.5.0)
    apollo-federation (3.10.1)
      google-protobuf (< 5)
      graphql
    ast (2.4.3)
    async (2.32.0)
      console (~> 1.29)
      fiber-annotation
      io-event (~> 1.11)
      metrics (~> 0.12)
      traces (~> 0.18)
    attr_extras (7.1.0)
    aws-eventstream (1.4.0)
    aws-partitions (1.1163.0)
    aws-sdk-cloudwatch (1.121.0)
      aws-sdk-core (~> 3, >= 3.231.0)
      aws-sigv4 (~> 1.5)
    aws-sdk-core (3.232.0)
      aws-eventstream (~> 1, >= 1.3.0)
      aws-partitions (~> 1, >= 1.992.0)
      aws-sigv4 (~> 1.9)
      base64
      bigdecimal
      jmespath (~> 1, >= 1.6.1)
      logger
    aws-sdk-kms (1.112.0)
      aws-sdk-core (~> 3, >= 3.231.0)
      aws-sigv4 (~> 1.5)
    aws-sdk-lambda (1.160.0)
      aws-sdk-core (~> 3, >= 3.231.0)
      aws-sigv4 (~> 1.5)
    aws-sdk-s3 (1.199.0)
      aws-sdk-core (~> 3, >= 3.231.0)
      aws-sdk-kms (~> 1)
      aws-sigv4 (~> 1.5)
    aws-sdk-sqs (1.104.0)
      aws-sdk-core (~> 3, >= 3.231.0)
      aws-sigv4 (~> 1.5)
    aws-sigv4 (1.12.1)
      aws-eventstream (~> 1, >= 1.0.2)
    aws_lambda_ric (3.1.3)
    base64 (0.3.0)
    benchmark (0.4.1)
    benchmark-ips (2.14.0)
    bigdecimal (3.2.3)
    coderay (1.1.3)
    colorator (1.1.0)
    concurrent-ruby (1.3.5)
    connection_pool (2.5.4)
    console (1.34.0)
      fiber-annotation
      fiber-local (~> 1.1)
      json
    csv (3.3.5)
    diff-lcs (1.6.2)
    docile (1.4.1)
    drb (2.2.3)
    elastic-transport (8.4.0)
      faraday (< 3)
      multi_json
    elasticsearch (9.1.2)
      elastic-transport (~> 8.3)
      elasticsearch-api (= 9.1.2)
    elasticsearch-api (9.1.2)
      multi_json
    em-websocket (0.5.3)
      eventmachine (>= 0.12.9)
      http_parser.rb (~> 0)
    ethon (0.17.0)
      ffi (>= 1.15.0)
    eventmachine (1.2.7)
    factory_bot (6.5.5)
      activesupport (>= 6.1.0)
    faker (3.5.2)
      i18n (>= 1.8.11, < 2)
    faraday (2.13.4)
      faraday-net_http (>= 2.0, < 3.5)
      json
      logger
    faraday-net_http (3.4.1)
      net-http (>= 0.5.0)
    faraday-retry (2.3.2)
      faraday (~> 2.0)
    faraday_middleware-aws-sigv4 (1.0.1)
      aws-sigv4 (~> 1.0)
      faraday (>= 2.0, < 3)
    ffi (1.17.2)
    ffi (1.17.2-arm-linux-gnu)
    ffi (1.17.2-arm-linux-musl)
    ffi (1.17.2-arm64-darwin)
    fiber-annotation (0.2.0)
    fiber-local (1.1.0)
      fiber-storage
    fiber-storage (1.0.1)
    fileutils (1.7.3)
    filewatcher (2.1.0)
      module_methods (~> 0.1.0)
    flatware (2.3.4)
      drb
      thor (< 2.0)
    flatware-rspec (2.3.4)
      flatware (= 2.3.4)
      rspec (>= 3.6)
    forwardable-extended (2.6.0)
    google-protobuf (4.32.1)
      bigdecimal
      rake (>= 13)
    google-protobuf (4.32.1-arm64-darwin)
      bigdecimal
      rake (>= 13)
    graphql (2.5.11)
      base64
      fiber-storage
      logger
    graphql-c_parser (1.1.3)
      graphql (>= 2.2.10)
    hana (1.3.7)
    hashdiff (1.2.1)
    hashery (2.1.2)
    html-proofer (5.0.10)
      addressable (~> 2.3)
      async (~> 2.1)
      nokogiri (~> 1.13)
      pdf-reader (~> 2.11)
      rainbow (~> 3.0)
      typhoeus (~> 1.3)
      yell (~> 2.0)
      zeitwerk (~> 2.5)
    http-2 (1.1.1)
    http_parser.rb (0.8.0)
    httpx (1.6.0)
      http-2 (>= 1.0.0)
    i18n (1.14.7)
      concurrent-ruby (~> 1.0)
    io-event (1.14.0)
    jekyll (4.4.1)
      addressable (~> 2.4)
      base64 (~> 0.2)
      colorator (~> 1.0)
      csv (~> 3.0)
      em-websocket (~> 0.5)
      i18n (~> 1.0)
      jekyll-sass-converter (>= 2.0, < 4.0)
      jekyll-watch (~> 2.0)
      json (~> 2.6)
      kramdown (~> 2.3, >= 2.3.1)
      kramdown-parser-gfm (~> 1.0)
      liquid (~> 4.0)
      mercenary (~> 0.3, >= 0.3.6)
      pathutil (~> 0.9)
      rouge (>= 3.0, < 5.0)
      safe_yaml (~> 1.0)
      terminal-table (>= 1.8, < 4.0)
      webrick (~> 1.7)
    jekyll-sass-converter (3.1.0)
      sass-embedded (~> 1.75)
    jekyll-watch (2.2.1)
      listen (~> 3.0)
    jmespath (1.6.2)
    json (2.15.0)
    json_schemer (2.4.0)
      bigdecimal
      hana (~> 1.3)
      regexp_parser (~> 2.0)
      simpleidn (~> 0.2)
    kramdown (2.5.1)
      rexml (>= 3.3.9)
    kramdown-parser-gfm (1.1.0)
      kramdown (~> 2.0)
    language_server-protocol (3.17.0.5)
    lint_roller (1.1.0)
    liquid (4.0.4)
    listen (3.9.0)
      rb-fsevent (~> 0.10, >= 0.10.3)
      rb-inotify (~> 0.9, >= 0.9.10)
    logger (1.7.0)
    memory_profiler (1.1.0)
    mercenary (0.4.0)
    method_source (1.1.0)
    metrics (0.15.0)
    mini_portile2 (2.8.9)
    minitest (5.25.5)
    module_methods (0.1.0)
    multi_json (1.17.0)
    mutex_m (0.3.0)
    net-http (0.6.0)
      uri
    nokogiri (1.18.10)
      mini_portile2 (~> 2.8.2)
      racc (~> 1.4)
    nokogiri (1.18.10-arm-linux-gnu)
      racc (~> 1.4)
    nokogiri (1.18.10-arm-linux-musl)
      racc (~> 1.4)
    nokogiri (1.18.10-arm64-darwin)
      racc (~> 1.4)
    opensearch-ruby (3.4.0)
      faraday (>= 1.0, < 3)
      multi_json (>= 1.0)
    optimist (3.2.1)
    ox (2.14.23)
      bigdecimal (>= 3.0)
    parallel (1.27.0)
    parser (3.3.9.0)
      ast (~> 2.4.1)
      racc
    pathutil (0.16.2)
      forwardable-extended (~> 2.6)
    patience_diff (1.2.0)
      optimist (~> 3.0)
    pdf-reader (2.15.0)
      Ascii85 (>= 1.0, < 3.0, != 2.0.0)
      afm (>= 0.2.1, < 2)
      hashery (~> 2.0)
      ruby-rc4
      ttfunk
    prism (1.5.1)
    public_suffix (6.0.2)
    racc (1.8.1)
    rack (3.2.2)
    rack-test (2.2.0)
      rack (>= 1.3)
    rackup (2.2.1)
      rack (>= 3)
    rainbow (3.1.1)
    rake (13.3.0)
    rb-fsevent (0.11.2)
    rb-inotify (0.11.1)
      ffi (~> 1.0)
    rbs (3.9.5)
      logger
    redcarpet (3.6.1)
    regexp_parser (2.11.3)
    rexml (3.4.4)
    rspec (3.13.1)
      rspec-core (~> 3.13.0)
      rspec-expectations (~> 3.13.0)
      rspec-mocks (~> 3.13.0)
    rspec-core (3.13.5)
      rspec-support (~> 3.13.0)
    rspec-expectations (3.13.5)
      diff-lcs (>= 1.2.0, < 2.0)
      rspec-support (~> 3.13.0)
    rspec-mocks (3.13.5)
      diff-lcs (>= 1.2.0, < 2.0)
      rspec-support (~> 3.13.0)
    rspec-retry (0.6.2)
      rspec-core (> 3.3)
    rspec-support (3.13.6)
    rubocop (1.80.2)
      json (~> 2.3)
      language_server-protocol (~> 3.17.0.2)
      lint_roller (~> 1.1.0)
      parallel (~> 1.10)
      parser (>= 3.3.0.2)
      rainbow (>= 2.2.2, < 4.0)
      regexp_parser (>= 2.9.3, < 3.0)
      rubocop-ast (>= 1.46.0, < 2.0)
      ruby-progressbar (~> 1.7)
      unicode-display_width (>= 2.4.0, < 4.0)
    rubocop-ast (1.47.1)
      parser (>= 3.3.7.2)
      prism (~> 1.4)
    rubocop-factory_bot (2.26.1)
      rubocop (~> 1.61)
    rubocop-performance (1.25.0)
      lint_roller (~> 1.1)
      rubocop (>= 1.75.0, < 2.0)
      rubocop-ast (>= 1.38.0, < 2.0)
    rubocop-rake (0.6.0)
      rubocop (~> 1.0)
    rubocop-rspec (3.7.0)
      lint_roller (~> 1.1)
      rubocop (~> 1.72, >= 1.72.1)
    ruby-progressbar (1.13.0)
    ruby-rc4 (0.1.5)
    safe_yaml (1.0.5)
    sass-embedded (1.93.0)
      google-protobuf (~> 4.31)
      rake (>= 13)
    sass-embedded (1.93.0-aarch64-linux-android)
      google-protobuf (~> 4.31)
    sass-embedded (1.93.0-aarch64-mingw-ucrt)
      google-protobuf (~> 4.31)
    sass-embedded (1.93.0-arm-linux-androideabi)
      google-protobuf (~> 4.31)
    sass-embedded (1.93.0-arm-linux-gnueabihf)
      google-protobuf (~> 4.31)
    sass-embedded (1.93.0-arm-linux-musleabihf)
      google-protobuf (~> 4.31)
    sass-embedded (1.93.0-arm64-darwin)
      google-protobuf (~> 4.31)
    sass-embedded (1.93.0-riscv64-linux-android)
      google-protobuf (~> 4.31)
    sass-embedded (1.93.0-riscv64-linux-gnu)
      google-protobuf (~> 4.31)
    sass-embedded (1.93.0-riscv64-linux-musl)
      google-protobuf (~> 4.31)
    sass-embedded (1.93.0-x86_64-linux-android)
      google-protobuf (~> 4.31)
    securerandom (0.4.1)
    simplecov (0.22.0)
      docile (~> 1.1)
      simplecov-html (~> 0.11)
      simplecov_json_formatter (~> 0.1)
    simplecov-console (0.9.4)
      ansi
      simplecov
      terminal-table
    simplecov-html (0.13.2)
    simplecov_json_formatter (0.1.4)
    simpleidn (0.2.3)
    standard (1.51.1)
      language_server-protocol (~> 3.17.0.2)
      lint_roller (~> 1.0)
      rubocop (~> 1.80.2)
      standard-custom (~> 1.0.0)
      standard-performance (~> 1.8)
    standard-custom (1.0.2)
      lint_roller (~> 1.0)
      rubocop (~> 1.50)
    standard-performance (1.8.0)
      lint_roller (~> 1.1)
      rubocop-performance (~> 1.25.0)
    steep (1.10.0)
      activesupport (>= 5.1)
      concurrent-ruby (>= 1.1.10)
      csv (>= 3.0.9)
      fileutils (>= 1.1.0)
      json (>= 2.1.0)
      language_server-protocol (>= 3.17.0.4, < 4.0)
      listen (~> 3.0)
      logger (>= 1.3.0)
      mutex_m (>= 0.3.0)
      parser (>= 3.1)
      rainbow (>= 2.2.2, < 4.0)
      rbs (~> 3.9)
      securerandom (>= 0.1)
      strscan (>= 1.0.0)
      terminal-table (>= 2, < 5)
      uri (>= 0.12.0)
    strscan (3.1.5)
    super_diff (0.16.0)
      attr_extras (>= 6.2.4)
      diff-lcs
      patience_diff
    terminal-table (3.0.2)
      unicode-display_width (>= 1.1.1, < 3)
    thor (1.4.0)
    traces (0.18.2)
    ttfunk (1.8.0)
      bigdecimal (~> 3.1)
    typhoeus (1.4.1)
      ethon (>= 0.9.0)
    tzinfo (2.0.6)
      concurrent-ruby (~> 1.0)
    unicode-display_width (2.6.0)
    uri (1.0.3)
    vcr (6.3.1)
      base64
    webrick (1.9.1)
    yard (0.9.37)
    yard-doctest (0.1.17)
      minitest
      yard
    yard-markdown (0.5.0)
      csv
      yard
    yell (2.2.2)
    zeitwerk (2.7.3)

PLATFORMS
  aarch64-linux-android
  aarch64-mingw-ucrt
  arm-linux-androideabi
  arm-linux-gnu
  arm-linux-gnueabihf
  arm-linux-musl
  arm-linux-musleabihf
  arm64-darwin-24
  riscv64-linux-android
  riscv64-linux-gnu
  riscv64-linux-musl
  ruby
  x86-cygwin
  x86-linux-android
  x86-mingw-ucrt
  x86_64-cygwin
  x86_64-linux-android

DEPENDENCIES
  aws_lambda_ric (~> 3.1, >= 3.1.3)
  benchmark-ips (~> 2.14)
  coderay (~> 1.1, >= 1.1.3)
  elasticgraph (= 1.0.3.pre)!
  elasticgraph-admin (= 1.0.3.pre)!
  elasticgraph-admin_lambda (= 1.0.3.pre)!
  elasticgraph-apollo (= 1.0.3.pre)!
  elasticgraph-datastore_core (= 1.0.3.pre)!
  elasticgraph-elasticsearch (= 1.0.3.pre)!
  elasticgraph-graphiql (= 1.0.3.pre)!
  elasticgraph-graphql (= 1.0.3.pre)!
  elasticgraph-graphql_lambda (= 1.0.3.pre)!
  elasticgraph-health_check (= 1.0.3.pre)!
  elasticgraph-indexer (= 1.0.3.pre)!
  elasticgraph-indexer_autoscaler_lambda (= 1.0.3.pre)!
  elasticgraph-indexer_lambda (= 1.0.3.pre)!
  elasticgraph-lambda_support (= 1.0.3.pre)!
  elasticgraph-local (= 1.0.3.pre)!
  elasticgraph-opensearch (= 1.0.3.pre)!
  elasticgraph-query_interceptor (= 1.0.3.pre)!
  elasticgraph-query_registry (= 1.0.3.pre)!
  elasticgraph-rack (= 1.0.3.pre)!
  elasticgraph-schema_artifacts (= 1.0.3.pre)!
  elasticgraph-schema_definition (= 1.0.3.pre)!
  elasticgraph-support (= 1.0.3.pre)!
  elasticgraph-warehouse (= 1.0.3.pre)!
  factory_bot (~> 6.5, >= 6.5.5)
  faker (~> 3.5, >= 3.5.2)
  filewatcher (~> 2.1)
  flatware-rspec (~> 2.3, >= 2.3.4)
  html-proofer (~> 5.0, >= 5.0.10)
  httpx (~> 1.6)
  jekyll (~> 4.4, >= 4.4.1)
  memory_profiler (~> 1.1)
  method_source (~> 1.1)
  nokogiri (~> 1.18, >= 1.18.10)
  rack-test (~> 2.2)
  redcarpet (~> 3.6, >= 3.6.1)
  rouge!
  rspec (~> 3.13, >= 3.13.1)
  rspec-retry (~> 0.6, >= 0.6.2)
  rubocop-factory_bot (~> 2.26.1)
  rubocop-rake (~> 0.6.0)
  rubocop-rspec (~> 3.7.0)
  simplecov (~> 0.22)
  simplecov-console (~> 0.9, >= 0.9.4)
  standard (~> 1.51.1)
  steep (~> 1.10.0)
  super_diff (~> 0.16)
  vcr (~> 6.3, >= 6.3.1)
  yard (~> 0.9, >= 0.9.37)
  yard-doctest (~> 0.1, >= 0.1.17)
  yard-markdown (~> 0.5)

BUNDLED WITH
   2.6.9
